{
    "TaskName": "YC1",
    "Manufacturer": "n/a",
    "PowerLineFrequency": 60.0,
    "SamplingFrequency": 1600.0,
    "SoftwareFilters": "n/a",
    "RecordingDuration": 2760.0,
    "RecordingType": "continuous",
    "iEEGReference": "bipolar",
    "ECOGChannelCount": 89,
    "SEEGChannelCount": 22,
    "EEGChannelCount": 0,
    "EOGChannelCount": 0,
    "ECGChannelCount": 0,
    "EMGChannelCount": 0,
    "MiscChannelCount": 0,
    "TriggerChannelCount": 0,
    "TaskDescription": "spatial navigation memory of object locations",
    "HardwareFilters": "n/a",
    "ElectricalStimulation": false
}
